PATH
  remote: lita-calculater
  specs:
    lita-calculater (0.1.0)
      lita (>= 4.8)

PATH
  remote: lita-doubler
  specs:
    lita-doubler (0.1.0)
      lita (>= 4.8)

PATH
  remote: lita-whats-brad-eating
  specs:
    lita-whats-brad-eating (1.0.1)
      lita (>= 4.7)
      nokogiri

GEM
  remote: https://rubygems.org/
  specs:
    concurrent-ruby (1.1.7)
    eventmachine (1.2.7)
    faraday (1.1.0)
      multipart-post (>= 1.2, < 3)
      ruby2_keywords
    faye-websocket (0.11.0)
      eventmachine (>= 0.12.0)
      websocket-driver (>= 0.5.1)
    http_router (0.11.2)
      rack (>= 1.0.0)
      url_mount (~> 0.2.1)
    i18n (1.8.5)
      concurrent-ruby (~> 1.0)
    ice_nine (0.11.2)
    lita (4.8.0)
      bundler (>= 2.0)
      faraday (>= 1.0)
      http_router (>= 0.11)
      i18n (>= 1.8)
      ice_nine (>= 0.11)
      multi_json (>= 1.15)
      puma (>= 4.3)
      rack (>= 2.2)
      rb-readline (>= 0.5)
      redis-namespace (>= 1.7)
      thor (>= 1.0)
    lita-slack (1.8.0)
      eventmachine
      faraday
      faye-websocket (>= 0.8.0)
      lita (>= 4.7.1)
      multi_json
    mini_portile2 (2.4.0)
    multi_json (1.15.0)
    multipart-post (2.1.1)
    nio4r (2.5.4)
    nokogiri (1.10.10)
      mini_portile2 (~> 2.4.0)
    puma (5.0.3)
      nio4r (~> 2.0)
    rack (2.2.3)
    rb-readline (0.5.5)
    redis (4.2.2)
    redis-namespace (1.8.0)
      redis (>= 3.0.4)
    ruby2_keywords (0.0.2)
    thor (1.0.1)
    url_mount (0.2.1)
      rack
    websocket-driver (0.7.3)
      websocket-extensions (>= 0.1.0)
    websocket-extensions (0.1.5)

PLATFORMS
  ruby

DEPENDENCIES
  lita
  lita-calculater!
  lita-doubler!
  lita-slack
  lita-whats-brad-eating!

BUNDLED WITH
   2.1.2
